GEM
  remote: https://rubygems.org/
  specs:
    addressable (2.8.7)
      public_suffix (>= 2.0.2, < 7.0)
    bigdecimal (3.1.9)
    json-schema (5.1.1)
      addressable (~> 2.8)
      bigdecimal (~> 3.1)
    public_suffix (6.0.1)

PLATFORMS
  aarch64-linux-gnu

DEPENDENCIES
  json-schema

BUNDLED WITH
   2.4.20
